PATH
  remote: .
  specs:
    yogi_berra (0.0.1)
      bson (= 1.8.3)
      bson_ext (= 1.8.3)
      mongo (= 1.8.3)

GEM
  remote: https://rubygems.org/
  specs:
    bson (1.8.3)
    bson_ext (1.8.3)
      bson (~> 1.8.3)
    mongo (1.8.3)
      bson (~> 1.8.3)

PLATFORMS
  ruby

DEPENDENCIES
  mongo (~> 1.8.3)
  yogi_berra!
