PATH
  remote: .
  specs:
    yogi_berra (0.0.6)
      bson (= 1.8.3)
      mongo (= 1.8.3)

GEM
  remote: https://rubygems.org/
  specs:
    bson (1.8.3)
    builder (3.2.2)
    diff-lcs (1.2.4)
    mongo (1.8.3)
      bson (~> 1.8.3)
    rake (10.0.4)
    rspec (2.13.0)
      rspec-core (~> 2.13.0)
      rspec-expectations (~> 2.13.0)
      rspec-mocks (~> 2.13.0)
    rspec-core (2.13.1)
    rspec-expectations (2.13.0)
      diff-lcs (>= 1.1.3, < 2.0)
    rspec-mocks (2.13.1)

PLATFORMS
  ruby

DEPENDENCIES
  builder (~> 3.2.1)
  mongo (~> 1.8.3)
  rake (~> 10.0.4)
  rspec (~> 2.13.0)
  yogi_berra!
